{
    "EEGReference": "double banana bipolar montage",
    "SamplingFrequency": 256,
    "PowerLineFrequency": 60,
    "SoftwareFilters": "n/a",

    "EEGChannelCount": 18,
    "EEGPlacementScheme": "10-20",
    "HardwareFilters": "n/a",
    "RecordingType": "discontinuous",
    "RecordingDuration": 3600.00,

    "TaskName": "szMonitoring",
    "TaskDescription": "Subjects were monitored at the hospital for up to several days following withdrawal of anti-seizure medication in order to characterize their seizures and assess their candidacy for surgical intervention.",
    "InstitutionName": "Boston Children's Hospital"
  }
  